PATH
  remote: .
  specs:
    wordpress_theme_finder (0.0.2)
      nokogiri

GEM
  remote: https://rubygems.org/
  specs:
    mini_portile2 (2.0.0)
    minitest (5.8.3)
    nokogiri (1.6.7)
      mini_portile2 (~> 2.0.0.rc2)
    rake (10.4.2)

PLATFORMS
  ruby

DEPENDENCIES
  minitest
  rake
  wordpress_theme_finder!

BUNDLED WITH
   1.10.6
